GEM
  remote: https://rubygems.org/
  specs:
    byebug (8.2.1)
    httparty (0.13.7)
      json (~> 1.8)
      multi_xml (>= 0.5.2)
    json (1.8.3)
    multi_xml (0.5.5)
    rake (10.4.2)

PLATFORMS
  ruby

DEPENDENCIES
  byebug
  httparty
  rake

BUNDLED WITH
   1.11.2
